GEM
  remote: https://rubygems.org/
  specs:
    bluecloth (2.2.0)
    eventmachine (1.2.7)
    gli (1.6.0)
    json (2.3.1)
    mini_portile2 (2.8.0)
    mustermann (3.0.0)
      ruby2_keywords (~> 0.0.1)
    nokogiri (1.13.10)
      mini_portile2 (~> 2.8.0)
      racc (~> 1.4)
    parslet (1.8.2)
    pdfkit (0.8.7.2)
    racc (1.6.1)
    rack (2.2.6.4)
    rack-protection (3.0.4)
      rack
    ruby2_keywords (0.0.5)
    showoff (0.7.0)
      bluecloth
      gli (>= 1.3.2)
      json
      nokogiri
      parslet
      sinatra
    sinatra (3.0.4)
      mustermann (~> 3.0)
      rack (~> 2.2, >= 2.2.4)
      rack-protection (= 3.0.4)
      tilt (~> 2.0)
    tilt (2.0.11)

PLATFORMS
  ruby

DEPENDENCIES
  eventmachine
  gli (= 1.6.0)
  pdfkit
  showoff

BUNDLED WITH
   1.17.3
