GEM
  remote: https://rubygems.org/
  specs:
    bluecloth (2.2.0)
    eventmachine (1.2.7)
    gli (1.6.0)
    json (2.3.1)
    mini_portile2 (2.8.0)
    mustermann (1.1.1)
      ruby2_keywords (~> 0.0.1)
    nokogiri (1.13.6)
      mini_portile2 (~> 2.8.0)
      racc (~> 1.4)
    parslet (1.8.2)
    pdfkit (0.8.4.1)
    racc (1.6.0)
    rack (2.2.3.1)
    rack-protection (2.2.0)
      rack
    ruby2_keywords (0.0.5)
    showoff (0.7.0)
      bluecloth
      gli (>= 1.3.2)
      json
      nokogiri
      parslet
      sinatra
    sinatra (2.2.0)
      mustermann (~> 1.0)
      rack (~> 2.2)
      rack-protection (= 2.2.0)
      tilt (~> 2.0)
    tilt (2.0.10)

PLATFORMS
  ruby

DEPENDENCIES
  eventmachine
  gli (= 1.6.0)
  pdfkit
  showoff

BUNDLED WITH
   1.17.3
